GEM
  remote: https://rubygems.org/
  specs:
    slim (4.1.0)
      temple (>= 0.7.6, < 0.9)
      tilt (>= 2.0.6, < 2.1)
    temple (0.8.2)
    tilt (2.0.11)

PLATFORMS
  ruby
  x86_64-linux

DEPENDENCIES
  slim (~> 4.1)

BUNDLED WITH
   2.3.26
